GEM
  remote: https://rubygems.org/
  specs:
    breakpoint (2.0.5)
      compass (>= 0.12.1)
      sass (>= 3.2.0)
    chunky_png (1.2.8)
    compass (0.12.2)
      chunky_png (~> 1.2)
      fssm (>= 0.2.7)
      sass (~> 3.1)
    compass-normalize (1.4.3)
      compass (>= 0.12.0)
    fssm (0.2.10)
    modular-scale (1.0.6)
      compass (>= 0.12.1)
      sass (>= 3.2.0)
      sassy-math (>= 1.5)
    sass (3.2.9)
    sassy-math (1.5)
      compass (~> 0.11)
    stitch (0.1.6)
      compass
      sass (~> 3.2.0.alpha)
    susy (1.0.8)
      compass (>= 0.12.2)
      sass (>= 3.2.0)

PLATFORMS
  ruby

DEPENDENCIES
  breakpoint
  compass-normalize
  modular-scale
  stitch
  susy
